GEM
  remote: http://rubygems.org/
  specs:
    activesupport (2.3.14)
    addressable (2.2.6)
    builder (3.0.0)
    daemons (1.1.4)
    eventmachine (0.12.10)
    faraday (0.7.5)
      addressable (~> 2.2.6)
      multipart-post (~> 1.1.3)
      rack (>= 1.1.0, < 2)
    faraday_middleware (0.7.0)
      faraday (~> 0.7.3)
    git (1.2.5)
    hashie (1.1.0)
    hoptoad_notifier (2.4.11)
      activesupport
      builder
    http_parser.rb (0.5.2)
    i18n (0.6.0)
    jeweler (1.6.4)
      bundler (~> 1.0)
      git (>= 1.2.5)
      rake
    kgio (2.6.0)
    mail (2.3.0)
      i18n (>= 0.4.0)
      mime-types (~> 1.16)
      treetop (~> 1.4.8)
    mime-types (1.16)
    multi_json (1.0.3)
    multipart-post (1.1.3)
    newrelic_rpm (3.3.0)
    polyglot (0.3.2)
    rack (1.3.2)
    raindrops (0.7.0)
    rake (0.9.2)
    rcov (0.9.10)
    remote_syslog_logger (1.0.3)
      syslog_protocol
    shotgun (0.9)
      rack (>= 1.0)
    shoulda (2.11.3)
    simple_oauth (0.1.5)
    sinatra (1.2.6)
      rack (~> 1.1)
      tilt (>= 1.2.2, < 2.0)
    syslog_protocol (0.9.1)
    thin (1.2.11)
      daemons (>= 1.0.9)
      eventmachine (>= 0.12.6)
      rack (>= 1.0.0)
    tilt (1.3.3)
    tinder (1.7.0)
      activesupport (>= 2.3, < 4)
      eventmachine (~> 0.12)
      faraday (>= 0.6, < 0.8)
      faraday_middleware (>= 0.6, < 0.8)
      hashie (~> 1.0)
      mime-types (~> 1.16)
      multi_json (~> 1.0)
      multipart-post (~> 1.1)
      twitter-stream (~> 0.1)
    treetop (1.4.10)
      polyglot
      polyglot (>= 0.3.1)
    twitter-stream (0.1.14)
      eventmachine (>= 0.12.8)
      http_parser.rb (~> 0.5.1)
      simple_oauth (~> 0.1.4)
    unicorn (4.1.1)
      kgio (~> 2.4)
      rack
      raindrops (~> 0.6)
    yajl-ruby (0.8.3)

PLATFORMS
  ruby

DEPENDENCIES
  activesupport (~> 2.3)
  bundler (~> 1.0.0)
  faraday (~> 0.7.5)
  hoptoad_notifier
  jeweler (~> 1.6.4)
  mail (~> 2.2)
  newrelic_rpm (~> 3.3.0)
  rcov
  remote_syslog_logger (~> 1.0.3)
  shotgun (~> 0.8)
  shoulda
  sinatra (~> 1.2.6)
  thin (~> 1.2.11)
  tinder (~> 1.7)
  unicorn
  yajl-ruby
